GEM
  remote: https://rubygems.org/
  specs:
    coffee-script (2.4.1)
      coffee-script-source
      execjs
    coffee-script-source (1.12.2)
    cssminify (1.0.2)
    execjs (2.7.0)
    kgio (2.10.0)
    libv8 (3.16.14.19)
    rack (1.6.8)
    rack-protection (1.5.3)
      rack
    raindrops (0.15.0)
    rake (10.3.2)
    ref (2.0.0)
    shotgun (0.9)
      rack (>= 1.0)
    sinatra (1.4.5)
      rack (~> 1.4)
      rack-protection (~> 1.4)
      tilt (~> 1.3, >= 1.3.4)
    therubyracer (0.12.3)
      libv8 (~> 3.16.14.15)
      ref
    tilt (1.4.1)
    uglifier (3.2.0)
      execjs (>= 0.3.0, < 3)
    unicorn (4.9.0)
      kgio (~> 2.6)
      rack
      raindrops (~> 0.7)

PLATFORMS
  ruby

DEPENDENCIES
  coffee-script (= 2.4.1)
  cssminify (= 1.0.2)
  rake (~> 10.3)
  shotgun (= 0.9)
  sinatra (= 1.4.5)
  therubyracer (= 0.12.3)
  uglifier (= 3.2.0)
  unicorn (= 4.9.0)

BUNDLED WITH
   1.15.4
