GEM
  remote: https://rubygems.org/
  specs:
    coffee-script (2.4.1)
      coffee-script-source
      execjs
    coffee-script-source (1.12.2)
    cssminify (1.0.2)
    execjs (2.7.0)
    libv8 (3.16.14.19)
    mustermann (1.1.1)
      ruby2_keywords (~> 0.0.1)
    nio4r (2.5.8)
    puma (5.6.4)
      nio4r (~> 2.0)
    rack (2.2.3)
    rack-protection (2.2.0)
      rack
    rake (13.0.1)
    ref (2.0.0)
    ruby2_keywords (0.0.5)
    shotgun (0.9.2)
      rack (>= 1.0)
    sinatra (2.2.0)
      mustermann (~> 1.0)
      rack (~> 2.2)
      rack-protection (= 2.2.0)
      tilt (~> 2.0)
    therubyracer (0.12.3)
      libv8 (~> 3.16.14.15)
      ref
    tilt (2.0.10)
    uglifier (4.2.0)
      execjs (>= 0.3.0, < 3)

PLATFORMS
  ruby

DEPENDENCIES
  coffee-script (= 2.4.1)
  cssminify (= 1.0.2)
  puma (= 5.6.4)
  rake (~> 13.0)
  shotgun (= 0.9.2)
  sinatra (= 2.2.0)
  therubyracer (= 0.12.3)
  uglifier (= 4.2.0)

BUNDLED WITH
   2.2.32
