GEM
  remote: https://rubygems.org/
  specs:
    capistrano (3.2.1)
      i18n
      rake (>= 10.0.0)
      sshkit (~> 1.3)
    capistrano-bundler (1.3.0)
      capistrano (~> 3.1)
      sshkit (~> 1.2)
    capistrano-rvm (0.1.1)
      capistrano (~> 3.0)
      sshkit (~> 1.2)
    coffee-script (2.4.1)
      coffee-script-source
      execjs
    coffee-script-source (1.12.2)
    concurrent-ruby (1.0.5)
    cssminify (1.0.2)
    execjs (2.7.0)
    i18n (0.9.4)
      concurrent-ruby (~> 1.0)
    kgio (2.10.0)
    libv8 (3.16.14.19)
    net-scp (1.2.1)
      net-ssh (>= 2.6.5)
    net-ssh (4.2.0)
    rack (1.5.2)
    rack-protection (1.5.3)
      rack
    raindrops (0.15.0)
    rake (12.3.0)
    ref (2.0.0)
    shotgun (0.9)
      rack (>= 1.0)
    sinatra (1.4.5)
      rack (~> 1.4)
      rack-protection (~> 1.4)
      tilt (~> 1.3, >= 1.3.4)
    sshkit (1.16.0)
      net-scp (>= 1.1.2)
      net-ssh (>= 2.8.0)
    therubyracer (0.12.3)
      libv8 (~> 3.16.14.15)
      ref
    tilt (1.4.1)
    uglifier (3.2.0)
      execjs (>= 0.3.0, < 3)
    unicorn (4.9.0)
      kgio (~> 2.6)
      rack
      raindrops (~> 0.7)

PLATFORMS
  ruby

DEPENDENCIES
  capistrano (= 3.2.1)
  capistrano-bundler (= 1.3.0)
  capistrano-rvm (= 0.1.1)
  coffee-script (= 2.4.1)
  cssminify (= 1.0.2)
  shotgun (= 0.9)
  sinatra (= 1.4.5)
  therubyracer (= 0.12.3)
  uglifier (= 3.2.0)
  unicorn (= 4.9.0)

BUNDLED WITH
   1.15.4
