GEM
  remote: https://rubygems.org/
  specs:
    coffee-script (2.4.1)
      coffee-script-source
      execjs
    coffee-script-source (1.12.2)
    cssminify (1.0.2)
    execjs (2.7.0)
    kgio (2.11.2)
    libv8 (3.16.14.19)
    mustermann (1.0.2)
    rack (2.0.4)
    rack-protection (2.0.1)
      rack
    raindrops (0.19.0)
    rake (10.3.2)
    ref (2.0.0)
    shotgun (0.9.2)
      rack (>= 1.0)
    sinatra (2.0.1)
      mustermann (~> 1.0)
      rack (~> 2.0)
      rack-protection (= 2.0.1)
      tilt (~> 2.0)
    therubyracer (0.12.3)
      libv8 (~> 3.16.14.15)
      ref
    tilt (2.0.8)
    uglifier (4.1.7)
      execjs (>= 0.3.0, < 3)
    unicorn (5.4.0)
      kgio (~> 2.6)
      raindrops (~> 0.7)

PLATFORMS
  ruby

DEPENDENCIES
  coffee-script (= 2.4.1)
  cssminify (= 1.0.2)
  rake (~> 10.3)
  shotgun (= 0.9.2)
  sinatra (= 2.0.1)
  therubyracer (= 0.12.3)
  uglifier (= 4.1.7)
  unicorn (= 5.4.0)

BUNDLED WITH
   1.15.4
